GEM
  remote: http://rubygems.org/
  specs:
    bson (1.10.0)
    bson_ext (1.10.0)
      bson (~> 1.10.0)
    cool.io (1.2.1)
    fluent-plugin-mongo (0.7.3)
      fluentd (~> 0.10.9)
      mongo (>= 1.8.0)
    fluentd (0.10.45)
      cool.io (>= 1.1.1, < 2.0.0, != 1.2.0)
      http_parser.rb (~> 0.5.1)
      json (>= 1.4.3)
      msgpack (>= 0.4.4, < 0.6.0, != 0.5.3, != 0.5.2, != 0.5.1, != 0.5.0)
      sigdump (~> 0.2.2)
      yajl-ruby (~> 1.0)
    http_parser.rb (0.5.3)
    json (1.8.1)
    mongo (1.10.0)
      bson (~> 1.10.0)
    msgpack (0.5.8)
    sigdump (0.2.2)
    yajl-ruby (1.2.0)

PLATFORMS
  ruby

DEPENDENCIES
  bson_ext
  fluent-plugin-mongo
  fluentd
